GEM
  remote: http://rubygems.org/
  specs:
    highline (1.7.1)

PLATFORMS
  ruby

DEPENDENCIES
  highline (~> 1.7.1)
