GEM
  remote: http://rubygems.org/
  specs:
    bcrypt (3.1.10)
    caesar_cipher (0.0.2)
      methadone (~> 1.2.4)
    diff-lcs (1.2.5)
    highline (1.7.1)
    methadone (1.2.6)
      bundler
    rspec (3.2.0)
      rspec-core (~> 3.2.0)
      rspec-expectations (~> 3.2.0)
      rspec-mocks (~> 3.2.0)
    rspec-core (3.2.3)
      rspec-support (~> 3.2.0)
    rspec-expectations (3.2.1)
      diff-lcs (>= 1.2.0, < 2.0)
      rspec-support (~> 3.2.0)
    rspec-mocks (3.2.1)
      diff-lcs (>= 1.2.0, < 2.0)
      rspec-support (~> 3.2.0)
    rspec-support (3.2.2)

PLATFORMS
  ruby

DEPENDENCIES
  bcrypt (~> 3.1.10)
  caesar_cipher (~> 0.0.2)
  highline (~> 1.7.1)
  rspec (~> 3.2.0)
